GEM
  remote: https://rubygems.org/
  specs:
    addressable (2.7.0)
      public_suffix (>= 2.0.2, < 5.0)
    capybara (3.31.0)
      addressable
      mini_mime (>= 0.1.3)
      nokogiri (~> 1.8)
      rack (>= 1.6.0)
      rack-test (>= 0.6.3)
      regexp_parser (~> 1.5)
      xpath (~> 3.2)
    capybara-angular (0.2.6)
      capybara (>= 2.5.0)
    diff-lcs (1.3)
    ffi (1.12.1)
    ffi (1.12.1-x64-mingw32)
    map (6.6.0)
    mini_mime (1.0.2)
    mini_portile2 (2.8.0)
    nokogiri (1.13.3)
      mini_portile2 (~> 2.8.0)
      racc (~> 1.4)
    nokogiri (1.13.3-x64-mingw32)
      racc (~> 1.4)
    public_suffix (4.0.3)
    racc (1.6.0)
    rack (2.1.1)
    rack-test (1.1.0)
      rack (>= 1.0, < 3)
    rails_current (2.1.0)
      map (~> 6.0)
    rails_default_url_options (5.0.0)
    rails_helper (2.2.2)
      rails_current (>= 1.0)
      rails_default_url_options (>= 1.0)
    regexp_parser (1.6.0)
    rspec (3.9.0)
      rspec-core (~> 3.9.0)
      rspec-expectations (~> 3.9.0)
      rspec-mocks (~> 3.9.0)
    rspec-core (3.9.1)
      rspec-support (~> 3.9.1)
    rspec-expectations (3.9.0)
      diff-lcs (>= 1.2.0, < 2.0)
      rspec-support (~> 3.9.0)
    rspec-mocks (3.9.1)
      diff-lcs (>= 1.2.0, < 2.0)
      rspec-support (~> 3.9.0)
    rspec-support (3.9.2)
    xpath (3.2.0)
      nokogiri (~> 1.8)

PLATFORMS
  ruby
  x64-mingw32

DEPENDENCIES
  capybara
  capybara-angular
  ffi
  rails_helper
  rspec

BUNDLED WITH
   1.17.2
